GEM
  remote: https://rubygems.org/
  specs:
    array_include_methods (1.4.0)
    ast (2.4.2)
    chunky_png (1.4.0)
    color (1.8)
    equalizer (0.0.11)
    facets (3.1.0)
    glimmer (2.7.3)
      array_include_methods (~> 1.4.0)
      facets (>= 3.1.0, < 4.0.0)
    glimmer-dsl-libui (0.7.4)
      chunky_png (~> 1.4.0)
      color (~> 1.8)
      equalizer (= 0.0.11)
      glimmer (~> 2.7.3)
      libui (~> 0.1.2.pre)
      os (>= 1.0.0, < 2.0.0)
      perfect-shape (~> 1.0.7)
      rouge (>= 3.26.0, < 4.0.0)
      super_module (~> 1.4.1)
    json (2.6.3)
    libui (0.1.2.pre-x64-mingw)
    matrix (0.4.2)
    method_source (1.0.0)
    minitest (5.16.3)
    mysql2 (0.5.5)
    os (1.1.4)
    parallel (1.23.0)
    parser (3.2.2.1)
      ast (~> 2.4.1)
    perfect-shape (1.0.7)
      equalizer (>= 0.0.11, < 1.1.0)
      matrix (>= 0.4.2, < 1.1.0)
    rainbow (3.1.1)
    regexp_parser (2.8.0)
    rexml (3.2.5)
    rouge (3.30.0)
    rubocop (1.50.2)
      json (~> 2.3)
      parallel (~> 1.10)
      parser (>= 3.2.0.0)
      rainbow (>= 2.2.2, < 4.0)
      regexp_parser (>= 1.8, < 3.0)
      rexml (>= 3.2.5, < 4.0)
      rubocop-ast (>= 1.28.0, < 2.0)
      ruby-progressbar (~> 1.7)
      unicode-display_width (>= 2.4.0, < 3.0)
    rubocop-ast (1.28.0)
      parser (>= 3.2.1.0)
    ruby-progressbar (1.13.0)
    super_module (1.4.1)
      method_source (>= 0.8.2, < 1.1.0)
    unicode-display_width (2.4.2)
    win32api (0.1.0)

PLATFORMS
  x64-mingw-ucrt

DEPENDENCIES
  glimmer-dsl-libui (~> 0.7.4)
  minitest
  mysql2
  rubocop
  win32api

BUNDLED WITH
   2.4.10
